GIT
  remote: https://github.com/katalyst/awesome_nested_fields.git
  revision: bc9c686234c5ebff6f8052d613576cfff159434f
  specs:
    awesome_nested_fields (0.5.3)
      rails (>= 3.0.0)

GIT
  remote: https://github.com/katalyst/koi.git
  revision: 843cfef2b707f20fe3bb607c959c30591e6c9901
  tag: v3.0.0
  specs:
    koi (3.0.0)
      active_model_serializers (~> 0.10.6)
      activevalidators (~> 4.0.2)
      acts-as-taggable-on (~> 4.0.0)
      awesome_nested_set (~> 3.1.3)
      cocoon (~> 1.2.10)
      compass (~> 1.0.3)
      compass-rails (~> 3.0.2)
      countries (~> 1.2.5)
      devise (~> 4.3.0)
      dragonfly (~> 1.1.2)
      figaro (~> 1.1.1)
      friendly_id (~> 5.2.1)
      garb (~> 0.9.8)
      has_scope (~> 0.7.1)
      htmlentities (~> 4.3.4)
      inherited_resources (~> 1.7.2)
      jquery-rails (~> 4.3.1)
      jquery-ui-rails (~> 6.0.1)
      kaminari (~> 1.0.1)
      mime-types (~> 3.1)
      pg
      puma (~> 3.8.2)
      rails (~> 5.1.5)
      redis (~> 3.3.3)
      responders (~> 2.4.0)
      rickshaw_rails (~> 1.4.5)
      scoped_search (~> 4.1.0)
      select2-rails (~> 3.5.9)
      sendgrid (~> 1.2.4)
      sidekiq (~> 5.0.0)
      simple-navigation (~> 3.14)
      simple_form (~> 3.5.0)
      uglifier (~> 3.2.0)
      uuidtools (~> 2.1.5)

GIT
  remote: https://github.com/katalyst/koi_config.git
  revision: 6862db8d37b01afb0d2037d70de16a93dfb0274f
  specs:
    koi_config (0.0.1)

GIT
  remote: https://github.com/katalyst/ornament.git
  revision: 981869ad0784975725475cdf8f2f5eea813497a9
  branch: master
  specs:
    ornament (2.2.0)
      rails (>= 4.0.0)

GEM
  remote: https://rubygems.org/
  specs:
    actioncable (5.1.6)
      actionpack (= 5.1.6)
      nio4r (~> 2.0)
      websocket-driver (~> 0.6.1)
    actionmailer (5.1.6)
      actionpack (= 5.1.6)
      actionview (= 5.1.6)
      activejob (= 5.1.6)
      mail (~> 2.5, >= 2.5.4)
      rails-dom-testing (~> 2.0)
    actionpack (5.1.6)
      actionview (= 5.1.6)
      activesupport (= 5.1.6)
      rack (~> 2.0)
      rack-test (>= 0.6.3)
      rails-dom-testing (~> 2.0)
      rails-html-sanitizer (~> 1.0, >= 1.0.2)
    actionview (5.1.6)
      activesupport (= 5.1.6)
      builder (~> 3.1)
      erubi (~> 1.4)
      rails-dom-testing (~> 2.0)
      rails-html-sanitizer (~> 1.0, >= 1.0.3)
    active_model_serializers (0.10.8)
      actionpack (>= 4.1, < 6)
      activemodel (>= 4.1, < 6)
      case_transform (>= 0.2)
      jsonapi-renderer (>= 0.1.1.beta1, < 0.3)
    activejob (5.1.6)
      activesupport (= 5.1.6)
      globalid (>= 0.3.6)
    activemodel (5.1.6)
      activesupport (= 5.1.6)
    activerecord (5.1.6)
      activemodel (= 5.1.6)
      activesupport (= 5.1.6)
      arel (~> 8.0)
    activesupport (5.1.6)
      concurrent-ruby (~> 1.0, >= 1.0.2)
      i18n (>= 0.7, < 2)
      minitest (~> 5.1)
      tzinfo (~> 1.1)
    activevalidators (4.0.3)
      activemodel (>= 3.0)
      countries (~> 1.2)
      credit_card_validations (~> 3.2)
      date_validator
      mail
      phony (~> 2.0)
      rake
    acts-as-taggable-on (4.0.0)
      activerecord (>= 4.0)
    addressable (2.3.8)
    airbrake (7.4.0)
      airbrake-ruby (~> 2.12)
    airbrake-ruby (2.12.0)
    arel (8.0.0)
    awesome_nested_set (3.1.4)
      activerecord (>= 4.0.0, < 5.3)
    bcrypt (3.1.12)
    better_errors (2.5.0)
      coderay (>= 1.0.0)
      erubi (>= 1.0.0)
      rack (>= 0.9.0)
    bindex (0.5.0)
    binding_of_caller (0.8.0)
      debug_inspector (>= 0.0.1)
    builder (3.2.3)
    byebug (10.0.2)
    capybara (2.13.0)
      addressable
      mime-types (>= 1.16)
      nokogiri (>= 1.3.3)
      rack (>= 1.0.0)
      rack-test (>= 0.5.4)
      xpath (~> 2.0)
    case_transform (0.2)
      activesupport
    childprocess (0.9.0)
      ffi (~> 1.0, >= 1.0.11)
    chunky_png (1.3.10)
    cocoon (1.2.12)
    coderay (1.1.2)
    coffee-rails (4.2.2)
      coffee-script (>= 2.2.0)
      railties (>= 4.0.0)
    coffee-script (2.4.1)
      coffee-script-source
      execjs
    coffee-script-source (1.12.2)
    compass (1.0.3)
      chunky_png (~> 1.2)
      compass-core (~> 1.0.2)
      compass-import-once (~> 1.0.5)
      rb-fsevent (>= 0.9.3)
      rb-inotify (>= 0.9)
      sass (>= 3.3.13, < 3.5)
    compass-core (1.0.3)
      multi_json (~> 1.0)
      sass (>= 3.3.0, < 3.5)
    compass-import-once (1.0.5)
      sass (>= 3.2, < 3.5)
    compass-rails (3.0.2)
      compass (~> 1.0.0)
      sass-rails (< 5.1)
      sprockets (< 4.0)
    concurrent-ruby (1.0.5)
    connection_pool (2.2.2)
    countries (1.2.5)
      currencies (~> 0.4.2)
      i18n_data (~> 0.7.0)
    crass (1.0.4)
    credit_card_validations (3.5.0)
      activemodel (>= 3, <= 6)
      activesupport (>= 3, <= 6)
    currencies (0.4.2)
    date_validator (0.9.0)
      activemodel
      activesupport
    debug_inspector (0.0.3)
    devise (4.3.0)
      bcrypt (~> 3.0)
      orm_adapter (~> 0.1)
      railties (>= 4.1.0, < 5.2)
      responders
      warden (~> 1.2.3)
    dotenv (0.7.0)
    dragonfly (1.1.5)
      addressable (~> 2.3)
      multi_json (~> 1.0)
      rack (>= 1.3)
    engineyard (3.2.5)
      addressable (= 2.3.8)
      engineyard-cloud-client (~> 2.1)
      engineyard-serverside-adapter (~> 2.2)
      escape (~> 0.0.4)
      highline (~> 1.6.1)
      launchy (~> 2.1)
      net-ssh (~> 2.7)
    engineyard-cloud-client (2.1.0)
      multi_json (~> 1.6)
      rest-client (~> 1.6.1)
    engineyard-serverside-adapter (2.4.0)
      escape (~> 0.0.4)
      multi_json (~> 1.6)
    erubi (1.7.1)
    escape (0.0.4)
    execjs (2.7.0)
    ey_config (0.0.7)
    ffi (1.9.25)
    figaro (1.1.1)
      thor (~> 0.14)
    foreman (0.64.0)
      dotenv (~> 0.7.0)
      thor (>= 0.13.6)
    friendly_id (5.2.4)
      activerecord (>= 4.0.0)
    garb (0.9.8)
      activesupport (>= 2.2)
      multi_json (>= 1.3)
    globalid (0.4.1)
      activesupport (>= 4.2.0)
    has_scope (0.7.2)
      actionpack (>= 4.1)
      activesupport (>= 4.1)
    highline (1.6.21)
    htmlentities (4.3.4)
    i18n (1.1.1)
      concurrent-ruby (~> 1.0)
    i18n_data (0.7.0)
    inherited_resources (1.7.2)
      actionpack (>= 3.2, < 5.2.x)
      has_scope (~> 0.6)
      railties (>= 3.2, < 5.2.x)
      responders
    jbuilder (2.7.0)
      activesupport (>= 4.2.0)
      multi_json (>= 1.2)
    jquery-rails (4.3.3)
      rails-dom-testing (>= 1, < 3)
      railties (>= 4.2.0)
      thor (>= 0.14, < 2.0)
    jquery-ui-rails (6.0.1)
      railties (>= 3.2.16)
    json (2.1.0)
    jsonapi-renderer (0.2.0)
    kaminari (1.0.1)
      activesupport (>= 4.1.0)
      kaminari-actionview (= 1.0.1)
      kaminari-activerecord (= 1.0.1)
      kaminari-core (= 1.0.1)
    kaminari-actionview (1.0.1)
      actionview
      kaminari-core (= 1.0.1)
    kaminari-activerecord (1.0.1)
      activerecord
      kaminari-core (= 1.0.1)
    kaminari-core (1.0.1)
    karo (2.5.2)
      thor (~> 0.19)
    kgio (2.11.2)
    launchy (2.4.3)
      addressable (~> 2.3)
    libv8 (6.7.288.46.1-x86_64-darwin-17)
    listen (3.1.5)
      rb-fsevent (~> 0.9, >= 0.9.4)
      rb-inotify (~> 0.9, >= 0.9.7)
      ruby_dep (~> 1.2)
    loofah (2.2.3)
      crass (~> 1.0.2)
      nokogiri (>= 1.5.9)
    mail (2.7.1)
      mini_mime (>= 0.1.1)
    method_source (0.9.0)
    mime-types (3.2.2)
      mime-types-data (~> 3.2015)
    mime-types-data (3.2018.0812)
    mini_mime (1.0.1)
    mini_portile2 (2.3.0)
    mini_racer (0.2.3)
      libv8 (>= 6.3)
    minitest (5.11.3)
    multi_json (1.13.1)
    net-ssh (2.9.4)
    newrelic_rpm (5.4.0.347)
    nio4r (2.3.1)
    nokogiri (1.8.5)
      mini_portile2 (~> 2.3.0)
    orm_adapter (0.5.0)
    pg (0.21.0)
    phony (2.16.5)
    pry (0.11.3)
      coderay (~> 1.1.0)
      method_source (~> 0.9.0)
    pry-rails (0.3.6)
      pry (>= 0.10.4)
    puma (3.8.2)
    rack (2.0.5)
    rack-mini-profiler (1.0.0)
      rack (>= 1.2.0)
    rack-protection (2.0.4)
      rack
    rack-proxy (0.6.5)
      rack
    rack-test (1.1.0)
      rack (>= 1.0, < 3)
    rails (5.1.6)
      actioncable (= 5.1.6)
      actionmailer (= 5.1.6)
      actionpack (= 5.1.6)
      actionview (= 5.1.6)
      activejob (= 5.1.6)
      activemodel (= 5.1.6)
      activerecord (= 5.1.6)
      activesupport (= 5.1.6)
      bundler (>= 1.3.0)
      railties (= 5.1.6)
      sprockets-rails (>= 2.0.0)
    rails-dom-testing (2.0.3)
      activesupport (>= 4.2.0)
      nokogiri (>= 1.6)
    rails-html-sanitizer (1.0.4)
      loofah (~> 2.2, >= 2.2.2)
    railties (5.1.6)
      actionpack (= 5.1.6)
      activesupport (= 5.1.6)
      method_source
      rake (>= 0.8.7)
      thor (>= 0.18.1, < 2.0)
    rainbow (3.0.0)
    raindrops (0.19.0)
    rake (12.3.1)
    rb-fsevent (0.10.3)
    rb-inotify (0.9.10)
      ffi (>= 0.5.0, < 2)
    react_on_rails (11.1.8)
      addressable
      connection_pool
      execjs (~> 2.5)
      rails (>= 3.2)
      rainbow (~> 3.0)
    redis (3.3.5)
    redis-namespace (1.6.0)
      redis (>= 3.0.4)
    responders (2.4.0)
      actionpack (>= 4.2.0, < 5.3)
      railties (>= 4.2.0, < 5.3)
    rest-client (1.6.7)
      mime-types (>= 1.16)
    rickshaw_rails (1.4.5)
      railties (>= 3.1.0)
    ruby_dep (1.5.0)
    rubyzip (1.2.2)
    sass (3.4.25)
    sass-rails (5.0.7)
      railties (>= 4.0.0, < 6)
      sass (~> 3.1)
      sprockets (>= 2.8, < 4.0)
      sprockets-rails (>= 2.0, < 4.0)
      tilt (>= 1.1, < 3)
    scoped_search (4.1.5)
      activerecord (>= 4.2.0)
    select2-rails (3.5.10)
      thor (~> 0.14)
    selenium-webdriver (3.141.0)
      childprocess (~> 0.5)
      rubyzip (~> 1.2, >= 1.2.2)
    sendgrid (1.2.4)
      json
    sidekiq (5.0.5)
      concurrent-ruby (~> 1.0)
      connection_pool (~> 2.2, >= 2.2.0)
      rack-protection (>= 1.5.0)
      redis (>= 3.3.4, < 5)
    simple-navigation (3.14.0)
      activesupport (>= 2.3.2)
    simple_form (3.5.1)
      actionpack (> 4, < 5.2)
      activemodel (> 4, < 5.2)
    spring (2.0.2)
      activesupport (>= 4.2)
    spring-watcher-listen (2.0.1)
      listen (>= 2.7, < 4.0)
      spring (>= 1.2, < 3.0)
    sprockets (3.7.2)
      concurrent-ruby (~> 1.0)
      rack (> 1, < 3)
    sprockets-rails (3.2.1)
      actionpack (>= 4.0)
      activesupport (>= 4.0)
      sprockets (>= 3.0.0)
    thor (0.20.0)
    thread_safe (0.3.6)
    tilt (2.0.8)
    turbolinks (5.2.0)
      turbolinks-source (~> 5.2)
    turbolinks-source (5.2.0)
    tzinfo (1.2.5)
      thread_safe (~> 0.1)
    uglifier (3.2.0)
      execjs (>= 0.3.0, < 3)
    unicorn (5.4.1)
      kgio (~> 2.6)
      raindrops (~> 0.7)
    uuidtools (2.1.5)
    warden (1.2.7)
      rack (>= 1.0)
    web-console (3.7.0)
      actionview (>= 5.0)
      activemodel (>= 5.0)
      bindex (>= 0.4.0)
      railties (>= 5.0)
    webpacker (3.5.5)
      activesupport (>= 4.2)
      rack-proxy (>= 0.6.1)
      railties (>= 4.2)
    websocket-driver (0.6.5)
      websocket-extensions (>= 0.1.0)
    websocket-extensions (0.1.3)
    xpath (2.1.0)
      nokogiri (~> 1.3)

PLATFORMS
  ruby

DEPENDENCIES
  active_model_serializers
  airbrake
  awesome_nested_fields!
  better_errors
  binding_of_caller
  byebug
  capybara (~> 2.13.0)
  coffee-rails (~> 4.2)
  devise (~> 4.3.0)
  engineyard
  ey_config
  foreman (~> 0.64.0)
  htmlentities (~> 4.3.4)
  jbuilder (~> 2.5)
  karo
  koi!
  koi_config!
  listen (>= 3.0.5, < 3.2)
  mini_racer
  newrelic_rpm
  ornament!
  pg (~> 0.18)
  pry-rails
  puma (~> 3.7)
  rack-mini-profiler
  rails (~> 5.1.0)
  react_on_rails (~> 11.1.4)
  redis-namespace
  sass-rails (~> 5.0)
  selenium-webdriver
  sidekiq
  simple-navigation (~> 3.14.0)
  simple_form (~> 3.5.0)
  spring
  spring-watcher-listen (~> 2.0.0)
  turbolinks (~> 5)
  tzinfo-data
  uglifier (>= 1.3.0)
  unicorn
  web-console (>= 3.3.0)
  webpacker (~> 3.5)

BUNDLED WITH
   1.16.4
